GIT
  remote: git@github.com:nathanbourke/fake_project_dependency.git
  revision: a2482f1ab8eb3b45161d932dfa09304400b93064
  branch: cg_code_changes
  specs:
    fake_project_dependency (0.0.0)

GEM
  specs:

PLATFORMS
  ruby

DEPENDENCIES
  fake_project_dependency!

BUNDLED WITH
   1.17.2
