GIT
  remote: git@github.com:nathanbourke/fake_project_dependency.git
  revision: 1a40f83f16c3eb82ccb2ba347d55d5fc59bac3e5
  branch: laura-fake-dependency-branch
  specs:
    fake_project_dependency (0.0.0)

GEM
  specs:

PLATFORMS
  ruby

DEPENDENCIES
  fake_project_dependency!

BUNDLED WITH
   2.0.1
