GIT
  remote: git@github.com:nathanbourke/fake_project_dependency.git
  revision: 2ce06c2889142022333fe3e483db643caba83b55
  branch: lynnes-branch
  specs:
    fake_project_dependency (0.0.0)

GEM
  specs:

PLATFORMS
  ruby

DEPENDENCIES
  fake_project_dependency!

BUNDLED WITH
   2.0.1
