GIT
  remote: git@github.com:nathanbourke/fake_project_dependency.git
  revision: a41730edc003ee08fd7e85bfacd00958b9c51640
  specs:
    fake_project_dependency (0.0.0)

GEM
  specs:

PLATFORMS
  ruby

DEPENDENCIES
  fake_project_dependency!

BUNDLED WITH
   1.17.2
