GIT
  remote: git@github.com:nathanbourke/fake_project_dependency.git
  revision: 8f841d6ac9e8dbf3bcb29e15b26afe147a700b10
  specs:
    fake_project_dependency (0.0.0)

GEM
  specs:

PLATFORMS
  ruby

DEPENDENCIES
  fake_project_dependency!

BUNDLED WITH
   1.17.2
