GIT
  remote: git@github.com:nathanbourke/fake_project_dependency.git
  revision: 3df27b953fb52aec58a4d5581393857666ec60ff
  branch: adi_code_changes
  specs:
    fake_project_dependency (0.0.0)

GEM
  specs:

PLATFORMS
  ruby

DEPENDENCIES
  fake_project_dependency!

BUNDLED WITH
   1.17.3
