GIT
  remote: git@github.com:nathanbourke/fake_project_dependency.git
  revision: ccadb4156ddcdfd3fcaa42088bdb0a01c73feb8d
  specs:
    fake_project_dependency (0.0.0)

GEM
  specs:

PLATFORMS
  ruby

DEPENDENCIES
  fake_project_dependency!

BUNDLED WITH
   1.17.2
