GIT
  remote: git@github.com:nathanbourke/fake_project_dependency.git
  revision: 679ef171a4a4db24459cd06323b4933f69d90c65
  branch: nathans_branch_two
  specs:
    fake_project_dependency (0.0.0)

GEM
  specs:

PLATFORMS
  ruby

DEPENDENCIES
  fake_project_dependency!

BUNDLED WITH
   2.0.1
