GIT
  remote: git@github.com:nathanbourke/fake_project_dependency.git
  revision: d8a157b74ce6796d15687673ec3fa7a1ff264bf3
  specs:
    fake_project_dependency (0.0.0)

GEM
  specs:

PLATFORMS
  ruby

DEPENDENCIES
  fake_project_dependency!

BUNDLED WITH
   2.0.1
