GIT
  remote: git@github.com:nathanbourke/fake_project_dependency.git
  revision: 442830e4cb1d3255744c93548e4e03fa79fa0f78
  branch: nb_code_changes
  specs:
    fake_project_dependency (0.0.0)

GEM
  specs:

PLATFORMS
  ruby

DEPENDENCIES
  fake_project_dependency!

BUNDLED WITH
   1.17.2
