GIT
  remote: git@github.com:nathanbourke/fake_project_dependency.git
  revision: fa711ba3a2a1036efa6071798b84a6f9bf532818
  branch: macs
  specs:
    fake_project_dependency (0.0.0)

GEM
  specs:

PLATFORMS
  ruby

DEPENDENCIES
  fake_project_dependency!

BUNDLED WITH
   2.0.1
