GIT
  remote: git@github.com:nathanbourke/fake_project_dependency.git
  revision: 840594fb69dc7ccb780b47a887717c3678a5e2be
  specs:
    fake_project_dependency (0.0.0)

GEM
  specs:

PLATFORMS
  ruby

DEPENDENCIES
  fake_project_dependency!

BUNDLED WITH
   2.0.1
