GIT
  remote: git@github.com:nathanbourke/fake_project_dependency.git
  revision: 3822072868efc7dcfdc8441a771d3c03eeffd1bc
  branch: nathans-branch-too
  specs:
    fake_project_dependency (0.0.0)

GEM
  specs:

PLATFORMS
  ruby

DEPENDENCIES
  fake_project_dependency!

BUNDLED WITH
   2.0.1
